GEM
  remote: https://rubygems.org/
  specs:
    filesize (0.2.0)
    mustermann (1.0.3)
    rack (2.0.7)
    rack-protection (2.0.5)
      rack
    sinatra (2.0.5)
      mustermann (~> 1.0)
      rack (~> 2.0)
      rack-protection (= 2.0.5)
      tilt (~> 2.0)
    tilt (2.0.9)

PLATFORMS
  ruby

DEPENDENCIES
  filesize
  rack (>= 2.0.6)
  sinatra

BUNDLED WITH
   1.13.7
